PATH
  remote: .
  specs:
    capistrano-rbenv (1.0.5)
      capistrano (< 3)
      capistrano-platform-resources (>= 0.1.3)

GEM
  remote: https://rubygems.org/
  specs:
    capistrano (2.12.0)
      highline
      net-scp (>= 1.0.0)
      net-sftp (>= 2.0.0)
      net-ssh (>= 2.0.14)
      net-ssh-gateway (>= 1.1.0)
    capistrano-platform-resources (0.1.3)
      capistrano (< 3)
    highline (1.6.2)
    net-scp (1.0.4)
      net-ssh (>= 1.99.1)
    net-sftp (2.0.5)
      net-ssh (>= 2.0.9)
    net-ssh (2.5.2)
    net-ssh-gateway (1.1.0)
      net-ssh (>= 1.99.1)

PLATFORMS
  ruby

DEPENDENCIES
  capistrano-rbenv!
